GEM
  remote: https://rubygems.org/
  specs:
    activemodel (7.0.4.3)
      activesupport (= 7.0.4.3)
    activerecord (7.0.4.3)
      activemodel (= 7.0.4.3)
      activesupport (= 7.0.4.3)
    activesupport (7.0.4.3)
      concurrent-ruby (~> 1.0, >= 1.0.2)
      i18n (>= 1.6, < 2)
      minitest (>= 5.1)
      tzinfo (~> 2.0)
    concurrent-ruby (1.2.2)
    i18n (1.13.0)
      concurrent-ruby (~> 1.0)
    minitest (5.18.0)
    nokogiri (1.14.4-x86_64-linux)
      racc (~> 1.4)
    racc (1.6.2)
    sqlite3 (1.6.2-x86_64-linux)
    tzinfo (2.0.6)
      concurrent-ruby (~> 1.0)

PLATFORMS
  x86_64-linux

DEPENDENCIES
  activerecord
  nokogiri
  sqlite3

BUNDLED WITH
   2.2.22
